PATH
  remote: .
  specs:
    flex_fields (1.0.0)
      activerecord (>= 3.0)
      activesupport (>= 3.0)

GEM
  remote: http://rubygems.org/
  specs:
    activerecord (3.2.14)
    activesupport (3.1.3)
      multi_json (~> 1.0)
    diff-lcs (1.1.3)
    multi_json (1.15.0)
    rspec (2.8.0)
      rspec-core (~> 2.8.0)
      rspec-expectations (~> 2.8.0)
      rspec-mocks (~> 2.8.0)
    rspec-core (2.8.0)
    rspec-expectations (2.8.0)
      diff-lcs (~> 1.1.2)
    rspec-mocks (2.8.0)
    sqlite3 (1.3.5)

PLATFORMS
  ruby

DEPENDENCIES
  activerecord (~> 3.2)
  activesupport (~> 3.0)
  flex_fields!
  rspec
  sqlite3
